GEM
  remote: https://rubygems.org/
  specs:
    addressable (2.8.1)
      public_suffix (>= 2.0.2, < 6.0)
    algolia_html_extractor (2.6.4)
      json (~> 2.0)
      nokogiri (~> 1.10)
    algoliasearch (1.27.5)
      httpclient (~> 2.8, >= 2.8.3)
      json (>= 1.5.1)
    colorator (1.1.0)
    concurrent-ruby (1.2.0)
    em-websocket (0.5.3)
      eventmachine (>= 0.12.9)
      http_parser.rb (~> 0)
    eventmachine (1.2.7)
    ffi (1.15.5)
    filesize (0.2.0)
    forwardable-extended (2.6.0)
    google-protobuf (3.22.0)
    http_parser.rb (0.8.0)
    httpclient (2.8.3)
    i18n (1.12.0)
      concurrent-ruby (~> 1.0)
    jekyll (4.3.2)
      addressable (~> 2.4)
      colorator (~> 1.0)
      em-websocket (~> 0.5)
      i18n (~> 1.0)
      jekyll-sass-converter (>= 2.0, < 4.0)
      jekyll-watch (~> 2.0)
      kramdown (~> 2.3, >= 2.3.1)
      kramdown-parser-gfm (~> 1.0)
      liquid (~> 4.0)
      mercenary (>= 0.3.6, < 0.5)
      pathutil (~> 0.9)
      rouge (>= 3.0, < 5.0)
      safe_yaml (~> 1.0)
      terminal-table (>= 1.8, < 4.0)
      webrick (~> 1.7)
    jekyll-algolia (1.7.1)
      algolia_html_extractor (~> 2.6)
      algoliasearch (~> 1.26)
      filesize (~> 0.1)
      jekyll (>= 3.6, < 5.0)
      json (~> 2.0)
      nokogiri (~> 1.6)
      progressbar (~> 1.9)
      verbal_expressions (~> 0.1.5)
    jekyll-last-modified-at (1.3.0)
      jekyll (>= 3.7, < 5.0)
      posix-spawn (~> 0.3.9)
    jekyll-sass-converter (3.0.0)
      sass-embedded (~> 1.54)
    jekyll-watch (2.2.1)
      listen (~> 3.0)
    json (2.6.1)
    kramdown (2.4.0)
      rexml
    kramdown-parser-gfm (1.1.0)
      kramdown (~> 2.0)
    liquid (4.0.4)
    listen (3.8.0)
      rb-fsevent (~> 0.10, >= 0.10.3)
      rb-inotify (~> 0.9, >= 0.9.10)
    mercenary (0.4.0)
    mini_portile2 (2.8.0)
    nokogiri (1.13.3)
      mini_portile2 (~> 2.8.0)
      racc (~> 1.4)
    pathutil (0.16.2)
      forwardable-extended (~> 2.6)
    posix-spawn (0.3.15)
    progressbar (1.11.0)
    public_suffix (5.0.1)
    racc (1.6.0)
    rake (13.0.6)
    rb-fsevent (0.11.2)
    rb-inotify (0.10.1)
      ffi (~> 1.0)
    rexml (3.2.5)
    rouge (4.1.0)
    safe_yaml (1.0.5)
    sass-embedded (1.58.3)
      google-protobuf (~> 3.21)
      rake (>= 10.0.0)
    terminal-table (3.0.2)
      unicode-display_width (>= 1.1.1, < 3)
    unicode-display_width (2.4.2)
    verbal_expressions (0.1.5)
    webrick (1.8.1)

PLATFORMS
  ruby

DEPENDENCIES
  jekyll (~> 4.3.2)
  jekyll-algolia
  jekyll-last-modified-at
  liquid (~> 4.0, >= 4.0.4)

BUNDLED WITH
   2.4.7
